NUGET
  remote: https://www.nuget.org/api/v2
  specs:
    FAKE (4.25.4)
    Fleece (0.4)
      FSharpPlus (>= 0.0.4)
      ReadOnlyCollectionExtensions (>= 1.2)
      ReadOnlyCollectionInterfaces (1.0)
      System.Json (>= 4.0.20126.16343)
    FsControl (1.0.13)
    FSharp.Data (2.2.5)
      Zlib.Portable (>= 1.10) - framework: portable-net40+sl50+wp80+win80
    FSharpPlus (0.0.4)
      FsControl (>= 1.0.9)
    LinqBridge (1.3) - framework: net20
    ReadOnlyCollectionExtensions (1.3)
      LinqBridge (>= 1.3) - framework: net20
      ReadOnlyCollectionInterfaces (1.0) - framework: net20, >= net35
    ReadOnlyCollectionInterfaces (1.0)
    System.Json (4.0.20126.16343)
    Zlib.Portable (1.11) - framework: portable-net40+sl50+wp80+win80
